GEM
  remote: https://rubygems.org/
  specs:
    dotenv (2.8.1)

PLATFORMS
  ruby

DEPENDENCIES
  dotenv (~> 2.8.1)

BUNDLED WITH
   1.17.2
